GEM
  remote: https://rubygems.org/
  specs:
    ast (2.4.0)
    byebug (10.0.0)
    coderay (1.1.2)
    hike (1.2.3)
    method_source (0.9.0)
    opal (0.11.0)
      ast (>= 2.3.0)
      hike (~> 1.2)
      parser (= 2.3.3.1)
      sourcemap (~> 0.1.0)
    parser (2.3.3.1)
      ast (~> 2.2)
    pry (0.11.3)
      coderay (~> 1.1.0)
      method_source (~> 0.9.0)
    pry-byebug (3.6.0)
      byebug (~> 10.0)
      pry (~> 0.10)
    ruby2d (0.5.1)
      opal (~> 0.11)
    sourcemap (0.1.1)

PLATFORMS
  ruby

DEPENDENCIES
  pry-byebug
  ruby2d

BUNDLED WITH
   1.16.0
